GEM
  remote: https://rubygems.org/
  specs:
    addressable (2.3.6)
    animate (0.1.0)
      compass (>= 0.13.alpha.0)
      sass (>= 3.2.0)
    breakpoint (2.5.0)
      sass (~> 3.3)
      sassy-maps (< 1.0.0)
    chunky_png (1.3.4)
    compass (1.1.0.alpha.3)
      chunky_png (~> 1.2)
      compass-core (~> 1.1.0.alpha.3)
      compass-import-once (~> 1.0.5)
      rb-fsevent (>= 0.9.3)
      rb-inotify (>= 0.9)
      sass (>= 3.3.13, < 3.5)
    compass-core (1.1.0.alpha.3)
      multi_json (~> 1.0)
      sass (>= 3.3.0, < 3.5)
    compass-import-once (1.0.5)
      sass (>= 3.2, < 3.5)
    ffi (1.9.8)
    filewatcher (0.4.0)
      trollop (~> 2.0)
    httparty (0.13.3)
      json (~> 1.8)
      multi_xml (>= 0.5.2)
    json (1.8.2)
    launchy (2.4.3)
      addressable (~> 2.3)
    mimemagic (0.2.1)
    multi_json (1.11.0)
    multi_xml (0.5.5)
    rb-fsevent (0.9.4)
    rb-inotify (0.9.5)
      ffi (>= 0.5.0)
    sass (3.4.13)
    sass-globbing (1.1.1)
      sass (>= 3.1)
    sass-mediaqueries-rails (1.3)
      sass (>= 3.2.0)
    sassy-maps (0.4.0)
      sass (~> 3.3)
    shopify_theme (0.0.22)
      filewatcher
      httparty (~> 0.13.0)
      json (~> 1.8.0)
      launchy
      mimemagic
      thor (>= 0.14.4)
    singularitygs (1.6.2)
      breakpoint (~> 2.4)
      sass (~> 3.3)
    thor (0.19.1)
    trollop (2.1.2)

PLATFORMS
  ruby

DEPENDENCIES
  animate
  breakpoint
  compass (>= 0.13.alpha.0)
  sass
  sass-globbing
  sass-mediaqueries-rails
  shopify_theme
  singularitygs
